GIT
  remote: https://github.com/genya0407/rakyll
  revision: e16c08d3065ea08f2d2c7071d893290d827b3409
  ref: e16c08d3065ea08f2d2c7071d893290d827b3409
  specs:
    rakyll (0.1.1)
      redcarpet (~> 3.4)
      yaml-front-matter (~> 0.0.1)

GEM
  remote: https://rubygems.org/
  specs:
    ffi (1.10.0)
    httpclient (2.8.3)
    listen (3.1.5)
      rb-fsevent (~> 0.9, >= 0.9.4)
      rb-inotify (~> 0.9, >= 0.9.7)
      ruby_dep (~> 1.2)
    rb-fsevent (0.10.3)
    rb-inotify (0.10.0)
      ffi (~> 1.0)
    redcarpet (3.4.0)
    rmagick (3.0.0)
    ruby_dep (1.5.0)
    yaml-front-matter (0.0.1)

PLATFORMS
  ruby

DEPENDENCIES
  httpclient
  listen
  rakyll!
  rmagick

BUNDLED WITH
   2.0.1
